GEM
  remote: https://rubygems.org/
  specs:
    blockfrost-ruby (0.1.0)
    dotenv (2.8.1)
    json (2.3.0)

PLATFORMS
  ruby

DEPENDENCIES
  blockfrost-ruby
  dotenv
  json

BUNDLED WITH
   2.1.4
